GEM
  remote: https://rubygems.org/
  specs:
    addressable (2.4.0)
    after_do (0.4.0)
    bgg (1.0.1)
      httparty
      xml-simple
    coderay (1.1.1)
    fastimage (2.0.0)
      addressable (~> 2)
    ffi (1.9.10-java)
    furoshiki (0.3.1)
      plist
      rubyzip (>= 1.0.0)
      warbler (~> 1.4.4)
    httparty (0.13.7)
      json (~> 1.8)
      multi_xml (>= 0.5.2)
    jruby-jars (1.7.24)
    jruby-rack (1.1.20)
    json (1.8.3-java)
    method_source (0.8.2)
    multi_xml (0.5.5)
    nokogiri (1.6.4.1-java)
    plist (3.2.0)
    pry (0.10.3-java)
      coderay (~> 1.1.0)
      method_source (~> 0.8.1)
      slop (~> 3.4)
      spoon (~> 0.0)
    rake (11.1.2)
    rubyzip (1.1.7)
    shoes (4.0.0.pre5)
      shoes-core (= 4.0.0.pre5)
      shoes-manual (~> 4.0.0, >= 4.0.0)
      shoes-swt (= 4.0.0.pre5)
    shoes-core (4.0.0.pre5)
    shoes-highlighter (1.0.1)
    shoes-manual (4.0.0)
      nokogiri (~> 1.6.4.1, >= 1.6.4.1)
      shoes-highlighter (~> 1.0, >= 1.0.0)
    shoes-package (4.0.0.pre5)
      furoshiki (~> 0.3.1)
      shoes-core (= 4.0.0.pre5)
    shoes-swt (4.0.0.pre5)
      after_do (~> 0.3)
      shoes-core (= 4.0.0.pre5)
      shoes-package (= 4.0.0.pre5)
      swt (~> 4.4)
    slop (3.6.0)
    spoon (0.0.4)
      ffi
    swt (4.4)
    warbler (1.4.9)
      jruby-jars (>= 1.5.6, < 2.0)
      jruby-rack (>= 1.1.1, < 1.3)
      rake (>= 0.9.6)
      rubyzip (>= 0.9, < 1.2)
    xml-simple (1.1.5)

PLATFORMS
  java

DEPENDENCIES
  bgg
  fastimage
  pry
  shoes (>= 4.0.0.pre5)

BUNDLED WITH
   1.11.2
